GEM
  remote: https://rubygems.org/
  remote: http://rubygems.org/
  specs:
    newrelic_rpm (3.6.7.159)
    rack (1.5.2)
    vienna (0.4.0)
      rack (~> 1.5)

PLATFORMS
  ruby

DEPENDENCIES
  newrelic_rpm
  rack
  vienna
